GEM
  remote: http://rubygems.org/
  specs:
    builder (3.0.0)
    crack (0.1.8)
    cucumber (0.10.3)
      builder (>= 2.1.2)
      diff-lcs (>= 1.1.2)
      gherkin (>= 2.3.8)
      json (>= 1.4.6)
      term-ansicolor (>= 1.0.5)
    cucumber-sinatra (0.3.1)
      templater (>= 1.0.0)
    diff-lcs (1.1.2)
    extlib (0.9.15)
    faker (0.9.5)
      i18n (~> 0.4)
    gherkin (2.3.9)
      json (>= 1.4.6)
    highline (1.6.2)
    httparty (0.7.7)
      crack (= 0.1.8)
    i18n (0.6.0)
    json (1.4.6)
    machinist (1.0.6)
    rack (1.3.0)
    rack-test (0.6.0)
      rack (>= 1.0)
    rake (0.8.7)
    rspec (2.6.0)
      rspec-core (~> 2.6.0)
      rspec-expectations (~> 2.6.0)
      rspec-mocks (~> 2.6.0)
    rspec-core (2.6.3)
    rspec-expectations (2.6.0)
      diff-lcs (~> 1.1.2)
    rspec-mocks (2.6.0)
    sham_rack (1.3.3)
      rack
    sinatra (1.2.6)
      rack (~> 1.1)
      tilt (>= 1.2.2, < 2.0)
    templater (1.0.0)
      diff-lcs (>= 1.1.2)
      extlib (>= 0.9.5)
      highline (>= 1.4.0)
    term-ansicolor (1.0.5)
    tilt (1.3.1)

PLATFORMS
  ruby

DEPENDENCIES
  cucumber (>= 0.10)
  cucumber-sinatra
  faker
  httparty
  json (~> 1.4.6)
  machinist
  rack-test
  rake (= 0.8.7)
  rspec
  sham_rack
  sinatra
